GEM
  remote: http://rubygems.org/
  specs:
    diff-lcs (1.1.3)
    gimme (0.1.7)
    rspec (2.7.0)
      rspec-core (~> 2.7.0)
      rspec-expectations (~> 2.7.0)
      rspec-mocks (~> 2.7.0)
    rspec-core (2.7.1)
    rspec-expectations (2.7.0)
      diff-lcs (~> 1.1.2)
    rspec-mocks (2.7.0)
    trollop (1.16.2)
    zmq (2.1.4)

PLATFORMS
  java
  ruby

DEPENDENCIES
  gimme
  rspec
  trollop
  zmq
