GEM
  remote: http://rubygems.org/
  specs:
    diff-lcs (1.1.3)
    fabrication (1.3.1)
    ffi (1.0.11)
    ffi (1.0.11-java)
    ffi-rzmq (0.9.3)
      ffi
    gimme (0.1.7)
    guid (0.1.1)
    rspec (2.7.0)
      rspec-core (~> 2.7.0)
      rspec-expectations (~> 2.7.0)
      rspec-mocks (~> 2.7.0)
    rspec-core (2.7.1)
    rspec-expectations (2.7.0)
      diff-lcs (~> 1.1.2)
    rspec-mocks (2.7.0)
    trollop (1.16.2)

PLATFORMS
  java
  ruby

DEPENDENCIES
  fabrication
  ffi-rzmq
  gimme
  guid
  rspec
  trollop
